PATH
  remote: .
  specs:
    enphase-ruby (0.0.1)
      faraday
      json

GEM
  remote: https://rubygems.org/
  specs:
    faraday (2.1.0)
      faraday-net_http (~> 2.0)
      ruby2_keywords (>= 0.0.4)
    faraday-net_http (2.0.1)
    json (2.6.1)
    ruby2_keywords (0.0.5)

PLATFORMS
  x86_64-darwin-19

DEPENDENCIES
  enphase-ruby!

BUNDLED WITH
   2.3.4
